PATH
  remote: ../
  specs:
    roundtrip_xml (1.0.2)
      cleanroom (~> 1.0)
      differ (~> 0.1)
      hashdiff (~> 0.3)
      multiset (~> 0.5)
      nokogiri (~> 1.6)
      nokogiri-diff (~> 0.2)
      roxml (~> 3.3)
      ruby2ruby (~> 2.3)
      rubytree (~> 0.9)
      sexp_processor (~> 4.0)
    roxml (3.3.1)
      activesupport (>= 2.3.0)
      nokogiri (>= 1.3.3)

GEM
  remote: https://rubygems.org/
  specs:
    activesupport (4.2.6)
      i18n (~> 0.7)
      json (~> 1.7, >= 1.7.7)
      minitest (~> 5.1)
      thread_safe (~> 0.3, >= 0.3.4)
      tzinfo (~> 1.1)
    cleanroom (1.0.0)
    diff-lcs (1.2.5)
    differ (0.1.2)
    docile (1.1.5)
    hashdiff (0.3.0)
    i18n (0.7.0)
    json (1.8.3)
    mini_portile2 (2.0.0)
    minitest (5.9.0)
    multiset (0.5.1)
    nokogiri (1.6.7.2)
      mini_portile2 (~> 2.0.0.rc2)
    nokogiri-diff (0.2.0)
      nokogiri (~> 1.5)
      tdiff (~> 0.3, >= 0.3.2)
    rake (11.2.2)
    rspec (3.4.0)
      rspec-core (~> 3.4.0)
      rspec-expectations (~> 3.4.0)
      rspec-mocks (~> 3.4.0)
    rspec-core (3.4.4)
      rspec-support (~> 3.4.0)
    rspec-expectations (3.4.0)
      diff-lcs (>= 1.2.0, < 2.0)
      rspec-support (~> 3.4.0)
    rspec-mocks (3.4.1)
      diff-lcs (>= 1.2.0, < 2.0)
      rspec-support (~> 3.4.0)
    rspec-support (3.4.1)
    ruby-prof (0.15.9)
    ruby2ruby (2.3.0)
      ruby_parser (~> 3.1)
      sexp_processor (~> 4.0)
    ruby_parser (3.8.1)
      sexp_processor (~> 4.1)
    rubytree (0.9.7)
      json (~> 1.8)
      structured_warnings (~> 0.2)
    sexp_processor (4.7.0)
    simplecov (0.11.2)
      docile (~> 1.1.0)
      json (~> 1.8)
      simplecov-html (~> 0.10.0)
    simplecov-html (0.10.0)
    structured_warnings (0.2.0)
    tdiff (0.3.3)
    thread_safe (0.3.5)
    tzinfo (1.2.2)
      thread_safe (~> 0.1)

PLATFORMS
  ruby

DEPENDENCIES
  cleanroom
  differ
  hashdiff
  multiset
  nokogiri
  nokogiri-diff
  rake
  roundtrip_xml!
  roxml
  rspec
  ruby-prof
  ruby2ruby
  rubytree
  sexp_processor
  simplecov
  simplecov-html

BUNDLED WITH
   1.11.2
